GEM
  remote: https://rubygems.org/
  specs:
    ruby_figlet (0.6.1)

PLATFORMS
  x86_64-linux

DEPENDENCIES
  ruby_figlet

BUNDLED WITH
   2.3.15
